GEM
  remote: https://rubygems.org/
  specs:
    api_smith (1.2.0)
      hashie (~> 1.0)
      httparty
      net-http-persistent
    awesome_print (1.0.2)
    columnize (0.3.6)
    debugger (1.1.1)
      columnize (>= 0.3.1)
      debugger-linecache (~> 1.1)
      debugger-ruby_core_source (~> 1.1)
    debugger-linecache (1.1.1)
      debugger-ruby_core_source (>= 1.1.1)
    debugger-ruby_core_source (1.1.1)
    hashie (1.2.0)
    httparty (0.8.2)
      multi_json
      multi_xml
    multi_json (1.3.2)
    multi_xml (0.4.4)
    net-http-persistent (2.6)

PLATFORMS
  ruby

DEPENDENCIES
  api_smith
  awesome_print
  debugger
